GEM
  remote: http://rubygems.org/
  specs:
    faraday (0.13.1)
      multipart-post (>= 1.2, < 3)
    jwt (1.5.6)
    libxml-ruby (3.0.0)
    multipart-post (2.0.0)
    twilio-ruby (5.4.5)
      faraday (~> 0.9)
      jwt (~> 1.5)
      libxml-ruby (>= 2.0, < 4.0)

PLATFORMS
  ruby

DEPENDENCIES
  twilio-ruby (~> 5.4.5)

BUNDLED WITH
   1.15.1
